GIT
  remote: https://github.com/codegram/pelusa.git
  revision: d37736d5461f4b1705c781fafecbeca08c38376c
  specs:
    pelusa (0.2.2)

GIT
  remote: https://github.com/dkubb/abstract_class.git
  revision: 7beff4dcd74e7c99d36d86a38c380cf7022a8897
  specs:
    abstract_class (0.0.1)

GIT
  remote: https://github.com/dkubb/descendants_tracker.git
  revision: 6c20498bb621b1d499d2e4c0185d1bf402440b6e
  specs:
    descendants_tracker (0.0.1)

GIT
  remote: https://github.com/dkubb/equalizer.git
  revision: 7474eee375747852da4a932f1e92c8c3f874386e
  specs:
    equalizer (0.0.1)
      ice_nine (~> 0.4.0)
      immutable (~> 0.0.1)

GIT
  remote: https://github.com/dkubb/immutable.git
  revision: 5115781fd94a76430a9d0251b04c209e0b09a036
  branch: experimental
  specs:
    immutable (0.0.1)
      backports (~> 2.6.1)
      ice_nine (~> 0.4.0)

GIT
  remote: https://github.com/dkubb/reek.git
  revision: b85adad65e992e194023f6346f3e72c3b46b4c56
  specs:
    reek (1.2.8)
      ruby2ruby (~> 1.2)
      ruby_parser (~> 2.0)
      sexp_processor (~> 3.0)

GIT
  remote: https://github.com/mbj/aequitas.git
  revision: 40e7585890e73cbaefc7721f0c1c6a2b462b930c
  specs:
    aequitas (0.0.2)
      backports (~> 2.6.4)

GIT
  remote: https://github.com/mbj/anima.git
  revision: d7445350a3d47f8621606f0ac94eb6c66c48cc09
  specs:
    anima (0.0.1)
      abstract_class (~> 0.0.1)
      backports
      immutable (~> 0.0.1)

GIT
  remote: https://github.com/mbj/rb-inotify
  revision: 3488a844b55d092f95541757a0110fee31512108
  specs:
    rb-inotify (0.8.8)
      ffi (>= 0.5.0)

PATH
  remote: .
  specs:
    sitemap_xml (0.0.1)
      abstract_class (~> 0.0.1)
      descendants_tracker (~> 0.0.1)
      equalizer (~> 0.0.1)
      immutable (~> 0.0.1)
      nokogiri (~> 1.5.5)

GEM
  remote: https://rubygems.org/
  specs:
    ZenTest (4.7.0)
    arrayfields (4.7.4)
    backports (2.6.4)
    diff-lcs (1.1.3)
    fattr (2.2.1)
    ffi (1.1.5)
    flay (1.4.3)
      ruby_parser (~> 2.0)
      sexp_processor (~> 3.0)
    flog (2.5.3)
      ruby_parser (~> 2.0)
      sexp_processor (~> 3.0)
    guard (1.4.0)
      listen (>= 0.4.2)
      thor (>= 0.14.6)
    guard-bundler (1.0.0)
      bundler (~> 1.0)
      guard (~> 1.1)
    guard-rspec (2.1.0)
      guard (>= 1.1)
      rspec (~> 2.11)
    heckle (2.0.0.b1)
      ZenTest (~> 4.7.0)
      ruby2ruby (~> 1.3.0)
      ruby_parser (~> 2.3.1)
    i18n (0.6.1)
    ice_nine (0.4.0)
    listen (0.5.3)
    map (6.2.0)
    nokogiri (1.5.5)
    rack (1.4.1)
    rake (0.9.2.2)
    roodi (2.1.0)
      ruby_parser
    rspec (2.11.0)
      rspec-core (~> 2.11.0)
      rspec-expectations (~> 2.11.0)
      rspec-mocks (~> 2.11.0)
    rspec-core (2.11.1)
    rspec-expectations (2.11.3)
      diff-lcs (~> 1.1.3)
    rspec-mocks (2.11.3)
    ruby2ruby (1.3.1)
      ruby_parser (~> 2.0)
      sexp_processor (~> 3.0)
    ruby_parser (2.3.1)
      sexp_processor (~> 3.0)
    sexp_processor (3.2.0)
    shotgun (0.9)
      rack (>= 1.0)
    thor (0.16.0)
    yard (0.8.2.1)
    yardstick (0.6.0)
      yard (~> 0.8.1)

PLATFORMS
  ruby

DEPENDENCIES
  abstract_class!
  aequitas!
  anima!
  arrayfields (~> 4.7.4)
  descendants_tracker!
  equalizer!
  fattr (~> 2.2.0)
  flay (~> 1.4.2)
  flog (~> 2.5.1)
  guard
  guard-bundler
  guard-rspec
  heckle (~> 2.0.0.b1)
  i18n
  immutable!
  map (~> 6.2.0)
  pelusa!
  rack
  rake
  rb-inotify!
  reek (~> 1.2.8)!
  roodi (~> 2.1.0)
  rspec (~> 2.11)
  shotgun
  sitemap_xml!
  yardstick (~> 0.6.0)
